PATH
  remote: .
  specs:
    prog-members (0.1.0)
      airrecord
      dotenv
      pay_dirt
      slack-ruby-client

GEM
  remote: https://rubygems.org/
  specs:
    activesupport (5.0.2)
      concurrent-ruby (~> 1.0, >= 1.0.2)
      i18n (~> 0.7)
      minitest (~> 5.1)
      tzinfo (~> 1.1)
    airrecord (0.2.0)
      faraday (~> 0.10)
      net-http-persistent (~> 2.9)
    concurrent-ruby (1.0.5)
    dotenv (2.2.0)
    faraday (0.11.0)
      multipart-post (>= 1.2, < 3)
    faraday_middleware (0.11.0.1)
      faraday (>= 0.7.4, < 1.0)
    gli (2.15.0)
    hashie (3.5.5)
    i18n (0.8.1)
    json (2.0.3)
    minitest (5.10.1)
    multipart-post (2.0.0)
    net-http-persistent (2.9.4)
    pay_dirt (1.1.0)
    rack (2.0.1)
    rake (10.5.0)
    slack-ruby-client (0.8.0)
      activesupport
      faraday (>= 0.9)
      faraday_middleware
      gli
      hashie
      json
      websocket-driver
    thread_safe (0.3.6)
    tzinfo (1.2.2)
      thread_safe (~> 0.1)
    websocket-driver (0.6.5)
      websocket-extensions (>= 0.1.0)
    websocket-extensions (0.1.2)

PLATFORMS
  ruby

DEPENDENCIES
  bundler (~> 1.14)
  minitest (~> 5.0)
  prog-members!
  rack
  rake (~> 10.0)

BUNDLED WITH
   1.14.5
